PATH
  remote: .
  specs:
    vagrant-mirror (0.1.1.alpha)
      listen
      vagrant (~> 1.0.5)

GEM
  remote: https://rubygems.org/
  specs:
    archive-tar-minitar (0.5.2)
    childprocess (0.3.9)
      ffi (~> 1.0, >= 1.0.11)
    coderay (1.0.8)
    diff-lcs (1.1.3)
    erubis (2.7.0)
    ffi (1.2.0)
    ffi (1.2.0-x86-mingw32)
    guard (1.6.1)
      listen (>= 0.6.0)
      lumberjack (>= 1.0.2)
      pry (>= 0.9.10)
      thor (>= 0.14.6)
    guard-rspec (2.3.3)
      guard (>= 1.1)
      rspec (~> 2.11)
    i18n (0.6.4)
    json (1.7.7)
    listen (0.7.0)
    log4r (1.1.10)
    lumberjack (1.0.2)
    method_source (0.8.1)
    net-scp (1.0.4)
      net-ssh (>= 1.99.1)
    net-ssh (2.2.2)
    pry (0.9.10)
      coderay (~> 1.0.5)
      method_source (~> 0.8)
      slop (~> 3.3.1)
    pry (0.9.10-x86-mingw32)
      coderay (~> 1.0.5)
      method_source (~> 0.8)
      slop (~> 3.3.1)
      win32console (~> 1.3)
    rake (10.0.3)
    rb-fchange (0.0.6)
      ffi
    rb-fsevent (0.9.3)
    rb-inotify (0.8.8)
      ffi (>= 0.5.0)
    rspec (2.12.0)
      rspec-core (~> 2.12.0)
      rspec-expectations (~> 2.12.0)
      rspec-mocks (~> 2.12.0)
    rspec-core (2.12.2)
    rspec-expectations (2.12.1)
      diff-lcs (~> 1.1.3)
    rspec-mocks (2.12.1)
    slop (3.3.3)
    thor (0.16.0)
    vagrant (1.0.7)
      archive-tar-minitar (= 0.5.2)
      childprocess (~> 0.3.1)
      erubis (~> 2.7.0)
      i18n (~> 0.6.0)
      json (>= 1.5.1, < 1.8.0)
      log4r (~> 1.1.9)
      net-scp (~> 1.0.4)
      net-ssh (~> 2.2.2)
    wdm (0.1.0)
    win32console (1.3.2-x86-mingw32)

PLATFORMS
  x86-mingw32

DEPENDENCIES
  guard
  guard-rspec
  rake
  rb-fchange
  rb-fsevent
  rb-inotify
  rspec
  vagrant-mirror!
  wdm
